GEM
  remote: https://rubygems.org/
  specs:
    puma (3.6.0)
    rack (2.0.1)
    roda (2.19.0)
      rack

PLATFORMS
  ruby

DEPENDENCIES
  puma
  roda

BUNDLED WITH
   1.13.6
