GEM
  remote: https://rubygems.org/
  specs:
    bitcoin-ruby (0.0.9)
    blockcypher-ruby (0.2.4)
      bitcoin-ruby (~> 0.0.5)
      ffi
    ffi (1.9.14)
    htmlentities (4.3.4)
    inflecto (0.0.2)
    oj (2.17.5)
    puma (3.6.0)
    rack (2.0.1)
    redis (3.3.1)
    roda (2.19.0)
      rack

PLATFORMS
  ruby

DEPENDENCIES
  blockcypher-ruby
  htmlentities
  inflecto
  oj
  puma
  redis
  roda

BUNDLED WITH
   1.13.6
